GEM
  remote: https://rubygems.org/
  specs:
    Ascii85 (1.0.2)
    afm (0.2.0)
    atk (1.2.1)
      glib2 (>= 1.2.1)
    cairo (1.12.3)
      pkg-config
    cri (2.1.0)
    gdk_pixbuf2 (1.2.1)
      glib2 (>= 1.2.1)
    glib2 (1.2.1)
      pkg-config
    green_shoes (1.1.367)
      gtk2
    gtk2 (1.2.1)
      atk (>= 1.2.1)
      gdk_pixbuf2 (>= 1.2.1)
      pango (>= 1.2.1)
    hashery (2.1.0)
    nokogiri (1.5.6)
    ocra (1.3.0)
    pango (1.2.1)
      cairo (>= 1.10.0)
      glib2 (>= 1.2.1)
    pdf-reader (1.3.1)
      Ascii85 (~> 1.0.0)
      afm (~> 0.2.0)
      hashery (~> 2.0)
      ruby-rc4
      ttfunk
    pkg-config (1.1.4)
    prawn (0.12.0)
      pdf-reader (>= 0.9.0)
      ttfunk (~> 1.0.2)
    rake (0.9.2.2)
    releasy_without_github (0.2.3)
      bundler
      cri (~> 2.1.0)
      ocra (~> 1.3.0)
      rake (~> 0.9.2.2)
      thor (~> 0.14.6)
    ruby-rc4 (0.1.5)
    shittodo (0.0.3)
    thor (0.14.6)
    ttfunk (1.0.3)

PLATFORMS
  ruby

DEPENDENCIES
  bundler
  green_shoes
  nokogiri
  prawn
  releasy_without_github
  shittodo
